{
	"Modality": "MR",
	"MagneticFieldStrength": 3,
	"ImagingFrequency": 123.258855,
	"Manufacturer": "Siemens",
	"ManufacturersModelName": "Prisma_fit",
	"InstitutionName": "Prisma Health Richland Hospital",
	"InstitutionalDepartmentName": "Radiology",
	"InstitutionAddress": "Medical Center Dr 5,Columbia,SC,US,29203",
	"DeviceSerialNumber": "67060",
	"StationName": "MRC35131",
	"BodyPart": "BRAIN",
	"PatientPosition": "HFS",
	"ProcedureStepDescription": "ZSha^abcd",
	"SoftwareVersions": "syngo MR E11",
	"MRAcquisitionType": "2D",
	"StudyDescription": "ZSha^abcd",
	"SeriesDescription": "ABCD_dMRI_fF_rev",
	"ProtocolName": "ABCD_dMRI_fF_rev",
	"ScanningSequence": "EP",
	"SequenceVariant": "SK\\SS",
	"ScanOptions": "FS",
	"SequenceName": "ep_b5#1",
	"ImageType": ["ORIGINAL", "PRIMARY", "DIFFUSION", "NONE", "MB", "ND"],
	"NonlinearGradientCorrection": false,
	"SeriesNumber": 23,
	"AcquisitionTime": "16:17:9.805000",
	"AcquisitionNumber": 1,
	"ImageComments": "Unaliased MB3/PE4/LB",
	"SliceThickness": 1.7,
	"SpacingBetweenSlices": 1.7,
	"SAR": 0.366386,
	"TablePosition": [
		0,
		0,
		-0	],
	"EchoTime": 0.089,
	"RepetitionTime": 3.455,
	"FlipAngle": 90,
	"PartialFourier": 1,
	"BaseResolution": 140,
	"ShimSetting": [
		6694,
		-6838,
		2515,
		403,
		21,
		-125,
		-41,
		8	],
	"DiffusionScheme": "Monopolar",
	"TxRefAmp": 243.998,
	"PhaseResolution": 1,
	"ReceiveCoilName": "Head_32",
	"ReceiveCoilActiveElements": "HEA;HEP",
	"PulseSequenceDetails": "%CustomerSeq%\\cmrr_mbep2d_diff",
	"WipMemBlock": "368298cf-ea4f-45aa-9c02-e5d9bd07f525||Sequence: R016 ve11c/master r/e634e98; Dec 19 2017 11:11:25 by eja",
	"RefLinesPE": 70,
	"CoilCombinationMethod": "Sum of Squares",
	"ConsistencyInfo": "N4_VE11C_LATEST_20160120",
	"MatrixCoilMode": "GRAPPA",
	"MultibandAccelerationFactor": 3,
	"PercentPhaseFOV": 100,
	"PercentSampling": 100,
	"EchoTrainLength": 70,
	"PhaseEncodingSteps": 140,
	"AcquisitionMatrixPE": 140,
	"ReconMatrixPE": 140,
	"BandwidthPerPixelPhaseEncode": 21.322,
	"ParallelReductionFactorInPlane": 2,
	"EffectiveEchoSpacing": 0.000334999,
	"DerivedVendorReportedEchoSpacing": 0.000669999,
	"TotalReadoutTime": 0.0465649,
	"PixelBandwidth": 1700,
	"DwellTime": 2.1e-06,
	"PhaseEncodingDirection": "j",
	"SliceTiming": [
		0,
		1.78125,
		0.125,
		1.90625,
		0.25,
		2.03125,
		0.375,
		2.15625,
		0.5,
		2.28125,
		0.625,
		2.40625,
		0.75,
		2.53125,
		0.89062,
		2.67188,
		1.01562,
		2.79688,
		1.14062,
		2.92188,
		1.26562,
		3.04688,
		1.39062,
		3.17188,
		1.51562,
		3.29688,
		1.64062,
		0,
		1.78125,
		0.125,
		1.90625,
		0.25,
		2.03125,
		0.375,
		2.15625,
		0.5,
		2.28125,
		0.625,
		2.40625,
		0.75,
		2.53125,
		0.89062,
		2.67188,
		1.01562,
		2.79688,
		1.14062,
		2.92188,
		1.26562,
		3.04688,
		1.39062,
		3.17188,
		1.51562,
		3.29688,
		1.64062,
		0,
		1.78125,
		0.125,
		1.90625,
		0.25,
		2.03125,
		0.375,
		2.15625,
		0.5,
		2.28125,
		0.625,
		2.40625,
		0.75,
		2.53125,
		0.89062,
		2.67188,
		1.01562,
		2.79688,
		1.14062,
		2.92188,
		1.26562,
		3.04688,
		1.39062,
		3.17188,
		1.51562,
		3.29688,
		1.64062	],
	"ImageOrientationPatientDICOM": [
		0.9996,
		0.00402177,
		0.0279858,
		-6.97214e-09,
		0.989831,
		-0.142246	],
	"ImageOrientationText": "Tra>Cor(-8.2)>Sag(1.6)",
	"InPlanePhaseEncodingDirectionDICOM": "COL",
	"BidsGuess": ["dwi","_acq-epb5p2_dir-PA_run-23_dwi"],
	"ConversionSoftware": "dcm2niix",
	"ConversionSoftwareVersion": "v1.0.20251017"
}
